PATH
  remote: .
  specs:
    rspec-shiori (0.1.0)
      rspec

GEM
  remote: https://rubygems.org/
  specs:
    date (3.4.1)
    diff-lcs (1.6.2)
    io-console (0.8.0)
    irb (1.15.2)
      pp (>= 0.6.0)
      rdoc (>= 4.0.0)
      reline (>= 0.4.2)
    minitest (5.25.5)
    pp (0.6.2)
      prettyprint
    prettyprint (0.2.0)
    psych (5.2.6)
      date
      stringio
    rake (13.2.1)
    rdoc (6.13.1)
      psych (>= 4.0.0)
    reline (0.6.1)
      io-console (~> 0.5)
    rspec (3.13.1)
      rspec-core (~> 3.13.0)
      rspec-expectations (~> 3.13.0)
      rspec-mocks (~> 3.13.0)
    rspec-core (3.13.5)
      rspec-support (~> 3.13.0)
    rspec-expectations (3.13.5)
      diff-lcs (>= 1.2.0, < 2.0)
      rspec-support (~> 3.13.0)
    rspec-mocks (3.13.5)
      diff-lcs (>= 1.2.0, < 2.0)
      rspec-support (~> 3.13.0)
    rspec-support (3.13.4)
    stringio (3.1.7)

PLATFORMS
  ruby
  x86_64-linux

DEPENDENCIES
  irb
  minitest (~> 5.16)
  rake (~> 13.0)
  rspec-shiori!

BUNDLED WITH
   2.7.0.dev
